PATH
  remote: .
  specs:
    debtective (0.1.4)
      rails (~> 5.2)

GEM
  remote: https://rubygems.org/
  specs:
    actioncable (5.2.6.2)
      actionpack (= 5.2.6.2)
      nio4r (~> 2.0)
      websocket-driver (>= 0.6.1)
    actionmailer (5.2.6.2)
      actionpack (= 5.2.6.2)
      actionview (= 5.2.6.2)
      activejob (= 5.2.6.2)
      mail (~> 2.5, >= 2.5.4)
      rails-dom-testing (~> 2.0)
    actionpack (5.2.6.2)
      actionview (= 5.2.6.2)
      activesupport (= 5.2.6.2)
      rack (~> 2.0, >= 2.0.8)
      rack-test (>= 0.6.3)
      rails-dom-testing (~> 2.0)
      rails-html-sanitizer (~> 1.0, >= 1.0.2)
    actionview (5.2.6.2)
      activesupport (= 5.2.6.2)
      builder (~> 3.1)
      erubi (~> 1.4)
      rails-dom-testing (~> 2.0)
      rails-html-sanitizer (~> 1.0, >= 1.0.3)
    activejob (5.2.6.2)
      activesupport (= 5.2.6.2)
      globalid (>= 0.3.6)
    activemodel (5.2.6.2)
      activesupport (= 5.2.6.2)
    activerecord (5.2.6.2)
      activemodel (= 5.2.6.2)
      activesupport (= 5.2.6.2)
      arel (>= 9.0)
    activestorage (5.2.6.2)
      actionpack (= 5.2.6.2)
      activerecord (= 5.2.6.2)
      marcel (~> 1.0.0)
    activesupport (5.2.6.2)
      concurrent-ruby (~> 1.0, >= 1.0.2)
      i18n (>= 0.7, < 2)
      minitest (~> 5.1)
      tzinfo (~> 1.1)
    arel (9.0.0)
    ast (2.4.2)
    builder (3.2.4)
    coderay (1.1.3)
    concurrent-ruby (1.1.9)
    crass (1.0.6)
    docile (1.4.0)
    erubi (1.10.0)
    globalid (1.0.0)
      activesupport (>= 5.0)
    i18n (1.9.1)
      concurrent-ruby (~> 1.0)
    loofah (2.14.0)
      crass (~> 1.0.2)
      nokogiri (>= 1.5.9)
    mail (2.7.1)
      mini_mime (>= 0.1.1)
    marcel (1.0.2)
    method_source (1.0.0)
    mini_mime (1.1.2)
    minitest (5.15.0)
    nio4r (2.5.8)
    nokogiri (1.13.1-x86_64-darwin)
      racc (~> 1.4)
    nokogiri (1.13.1-x86_64-linux)
      racc (~> 1.4)
    parallel (1.21.0)
    parser (3.0.2.0)
      ast (~> 2.4.1)
    pry (0.14.1)
      coderay (~> 1.1)
      method_source (~> 1.0)
    racc (1.6.0)
    rack (2.2.3)
    rack-test (1.1.0)
      rack (>= 1.0, < 3)
    rails (5.2.6.2)
      actioncable (= 5.2.6.2)
      actionmailer (= 5.2.6.2)
      actionpack (= 5.2.6.2)
      actionview (= 5.2.6.2)
      activejob (= 5.2.6.2)
      activemodel (= 5.2.6.2)
      activerecord (= 5.2.6.2)
      activestorage (= 5.2.6.2)
      activesupport (= 5.2.6.2)
      bundler (>= 1.3.0)
      railties (= 5.2.6.2)
      sprockets-rails (>= 2.0.0)
    rails-dom-testing (2.0.3)
      activesupport (>= 4.2.0)
      nokogiri (>= 1.6)
    rails-html-sanitizer (1.4.2)
      loofah (~> 2.3)
    railties (5.2.6.2)
      actionpack (= 5.2.6.2)
      activesupport (= 5.2.6.2)
      method_source
      rake (>= 0.8.7)
      thor (>= 0.19.0, < 2.0)
    rainbow (3.0.0)
    rake (13.0.6)
    regexp_parser (2.1.1)
    rexml (3.2.5)
    rubocop (1.22.0)
      parallel (~> 1.10)
      parser (>= 3.0.0.0)
      rainbow (>= 2.2.2, < 4.0)
      regexp_parser (>= 1.8, < 3.0)
      rexml
      rubocop-ast (>= 1.12.0, < 2.0)
      ruby-progressbar (~> 1.7)
      unicode-display_width (>= 1.4.0, < 3.0)
    rubocop-ast (1.12.0)
      parser (>= 3.0.1.1)
    ruby-progressbar (1.11.0)
    simplecov (0.21.2)
      docile (~> 1.1)
      simplecov-html (~> 0.11)
      simplecov_json_formatter (~> 0.1)
    simplecov-html (0.12.3)
    simplecov_json_formatter (0.1.3)
    sprockets (4.0.2)
      concurrent-ruby (~> 1.0)
      rack (> 1, < 3)
    sprockets-rails (3.4.2)
      actionpack (>= 5.2)
      activesupport (>= 5.2)
      sprockets (>= 3.0.0)
    sqlite3 (1.4.2)
    thor (1.2.1)
    thread_safe (0.3.6)
    tzinfo (1.2.9)
      thread_safe (~> 0.1)
    unicode-display_width (2.1.0)
    warning (1.2.0)
    websocket-driver (0.7.5)
      websocket-extensions (>= 0.1.0)
    websocket-extensions (0.1.5)
    yard (0.9.26)

PLATFORMS
  x86_64-darwin-20
  x86_64-linux

DEPENDENCIES
  debtective!
  pry
  rake
  rubocop
  simplecov
  sqlite3
  warning
  yard

BUNDLED WITH
   2.2.24
